GIT
  remote: https://github.com/bookworm/Scorched.git
  revision: ad3636122cec03926ecb80194581787f5e3be2c6
  specs:
    scorched (0.7)
      rack (~> 1.4)
      rack-accept (~> 0.4)
      tilt (~> 1.3)

GIT
  remote: https://github.com/bookworm/scorched-helpers.git
  revision: 425cd67a5660a5f49a703a093984285dbde8e4d3
  specs:
    scorched-helpers (0.0.1)
      activesupport (~> 3.2.0)
      i18n (~> 0.6)
      rake (~> 10.0.0)
      scorched (~> 0.7)

PATH
  remote: .
  specs:
    scorched-responders (0.0.1)
      activesupport (~> 3.2.0)
      i18n (~> 0.6)
      rake (~> 10.0.0)
      scorched (~> 0.7)

GEM
  remote: https://rubygems.org/
  specs:
    activemodel (3.2.12)
      activesupport (= 3.2.12)
      builder (~> 3.0.0)
    activesupport (3.2.12)
      i18n (~> 0.6)
      multi_json (~> 1.0)
    bson (1.8.4)
    bson_ext (1.5.0)
    builder (3.0.4)
    diff-lcs (1.2.1)
    i18n (0.6.4)
    mongo (1.8.4)
      bson (~> 1.8.4)
    mongo_mapper (0.12.0)
      activemodel (~> 3.0)
      activesupport (~> 3.0)
      plucky (~> 0.5.2)
    multi_json (1.7.2)
    nokogiri (1.5.9)
    plucky (0.5.2)
      mongo (~> 1.5)
    rabl (0.8.2)
      activesupport (>= 2.3.14)
    rack (1.5.2)
    rack-accept (0.4.5)
      rack (>= 0.4)
    rack-test (0.6.2)
      rack (>= 1.0)
    rake (10.0.4)
    rspec (2.13.0)
      rspec-core (~> 2.13.0)
      rspec-expectations (~> 2.13.0)
      rspec-mocks (~> 2.13.0)
    rspec-core (2.13.1)
    rspec-expectations (2.13.0)
      diff-lcs (>= 1.1.3, < 2.0)
    rspec-mocks (2.13.0)
    slim (1.3.6)
      temple (~> 0.5.5)
      tilt (~> 1.3.3)
    temple (0.5.5)
    tilt (1.3.6)
    webrat (0.7.3)
      nokogiri (>= 1.2.0)
      rack (>= 1.0)
      rack-test (>= 0.5.3)

PLATFORMS
  ruby

DEPENDENCIES
  bson_ext (= 1.5)
  mongo_mapper (~> 0.12.0)
  rabl
  rack-test (~> 0.6)
  rspec (~> 2.9)
  scorched!
  scorched-helpers!
  scorched-responders!
  slim (~> 1.3.6)
  webrat (~> 0.7.3)
